GEM
  specs:
    rack (3.1.8)
    rackup (2.2.0)
      rack (>= 3)

PLATFORMS
  x64-mingw-ucrt

DEPENDENCIES
  rackup (~> 2.2)

BUNDLED WITH
   2.5.23
